GEM
  remote: https://rubygems.org/
  specs:
    xspec (0.2.0)
    yard (0.8.7.6)

PLATFORMS
  ruby

DEPENDENCIES
  xspec
  yard

BUNDLED WITH
   1.10.5
